GEM
  remote: https://rubygems.org/
  specs:
    base64 (0.1.1)
    dotenv (2.8.1)
    event_stream_parser (0.3.0)
    faraday (2.7.11)
      base64
      faraday-net_http (>= 2.0, < 3.1)
      ruby2_keywords (>= 0.0.4)
    faraday-multipart (1.0.4)
      multipart-post (~> 2)
    faraday-net_http (3.0.2)
    multipart-post (2.3.0)
    ruby-openai (6.0.0)
      event_stream_parser (>= 0.3.0, < 1.0.0)
      faraday (>= 1)
      faraday-multipart (>= 1)
    ruby2_keywords (0.0.5)

PLATFORMS
  arm64-darwin-22

DEPENDENCIES
  dotenv
  ruby-openai

RUBY VERSION
   ruby 3.2.2p53

BUNDLED WITH
   2.4.10
